GEM
  remote: http://rubygems.org/
  specs:
    backports (2.3.0)
    beefcake (0.3.7)
    builder (3.0.0)
    eventmachine (0.12.10)
    i18n (0.6.0)
    minitest (2.10.0)
    multi_json (1.0.4)
    purdytest (1.0.0)
      minitest (~> 2.2)
    rack (1.3.5)
    rack-protection (1.1.4)
      rack
    rack-test (0.6.1)
      rack (>= 1.0)
    riak-client (1.0.0)
      beefcake (~> 0.3.7)
      builder (>= 2.1.2)
      i18n (>= 0.4.0)
      multi_json (~> 1.0.0)
    sinatra (1.3.1)
      rack (>= 1.3.4, ~> 1.3)
      rack-protection (>= 1.1.2, ~> 1.1)
      tilt (>= 1.3.3, ~> 1.3)
    sinatra-contrib (1.3.1)
      backports (>= 2.0)
      eventmachine
      rack-protection
      rack-test
      sinatra (~> 1.3.0)
      tilt (~> 1.3)
    tilt (1.3.3)

PLATFORMS
  ruby

DEPENDENCIES
  purdytest
  riak-client
  sinatra
  sinatra-contrib
