GEM
  remote: http://rubygems.org/
  specs:
    activesupport (3.2.13)
      i18n (= 0.6.1)
      multi_json (~> 1.0)
    backports (3.3.0)
    beefcake (0.3.7)
    builder (3.1.3)
    eventmachine (1.0.3)
    i18n (0.6.1)
    kgio (2.7.4)
    m (1.2.1)
      method_source (>= 0.6.7)
      rake (>= 0.9.2.2, < 1.0.0)
    method_source (0.8)
    minitest (2.10.0)
    multi_json (1.3.6)
    purdytest (1.0.0)
      minitest (~> 2.2)
    rack (1.5.2)
    rack-protection (1.5.0)
      rack
    rack-test (0.6.2)
      rack (>= 1.0)
    raindrops (0.10.0)
    rake (0.9.2.2)
    riak-client (1.0.5)
      beefcake (~> 0.3.7)
      builder (>= 2.1.2)
      i18n (>= 0.4.0)
      multi_json (~> 1.0)
    sinatra (1.4.2)
      rack (~> 1.5, >= 1.5.2)
      rack-protection (~> 1.4)
      tilt (~> 1.3, >= 1.3.4)
    sinatra-contrib (1.4.0)
      backports (>= 2.0)
      eventmachine
      rack-protection
      rack-test
      sinatra (~> 1.4.2)
      tilt (~> 1.3)
    tilt (1.3.7)
    unicorn (4.3.1)
      kgio (~> 2.6)
      rack
      raindrops (~> 0.7)

PLATFORMS
  ruby

DEPENDENCIES
  activesupport
  m
  purdytest
  rake
  riak-client
  sinatra
  sinatra-contrib
  unicorn
